GEM
  remote: https://rubygems.org/
  specs:
    actionpack (2.3.2)
      activesupport (= 2.3.2)
    activesupport (2.3.2)
    builder (3.2.0)
    columnize (0.3.2)
    cucumber (1.3.1)
      builder (>= 2.1.2)
      diff-lcs (>= 1.1.3)
      gherkin (~> 2.12.0)
      multi_json (~> 1.3)
    debugger (1.5.0)
      columnize (>= 0.3.1)
      debugger-linecache (~> 1.2.0)
      debugger-ruby_core_source (~> 1.2.0)
    debugger-linecache (1.2.0)
    debugger-ruby_core_source (1.2.0)
    diff-lcs (1.2.4)
    flexmock (0.8.11)
    gherkin (2.12.0)
      multi_json (~> 1.3)
    git (1.2.5)
    httpclient (2.3.0.1)
    jeweler (1.8.4)
      bundler (~> 1.0)
      git (>= 1.2.5)
      rake
      rdoc
    json (1.7.7)
    linecache (0.43)
    msgpack (0.5.4)
    multi_json (1.7.2)
    rack (1.4.5)
    rack-contrib (1.1.0)
      rack (>= 0.9.1)
    rake (0.9.6)
    rdoc (4.0.1)
      json (~> 1.4)
    right_develop (1.2.2)
      actionpack (>= 2.3.0, < 4.0)
      builder (~> 3.0)
      cucumber (~> 1.0)
      rake (>= 0.8.7, < 0.10)
      right_support (~> 2.0)
      rspec (>= 1.3, < 3.0)
      trollop (>= 1.0, < 3.0)
    right_support (2.7.0)
    rspec (1.3.2)
    ruby-debug (0.10.4)
      columnize (>= 0.1)
      ruby-debug-base (~> 0.10.4.0)
    ruby-debug-base (0.10.4)
      linecache (>= 0.3)
    simple_uuid (0.3.0)
    trollop (2.0)

PLATFORMS
  ruby

DEPENDENCIES
  cucumber (~> 1.0)
  debugger (~> 1.5)
  flexmock (~> 0.8)
  httpclient
  jeweler (~> 1.8.3)
  json (~> 1.4)
  msgpack (~> 0.4)
  rack-contrib (~> 1.0)
  rake (~> 0.8)
  right_develop (~> 1.2)
  right_support (~> 2.5)
  rspec (~> 1.3)
  ruby-debug (~> 0.10)
  simple_uuid (>= 0.2.0)
